GEM
  remote: https://rubygems.org/
  specs:
    dotenv (2.6.0)

PLATFORMS
  ruby

DEPENDENCIES
  dotenv

BUNDLED WITH
   1.16.6
