GEM
  remote: https://rubygems.org/
  specs:
    dotenv (2.6.0)
    require_all (2.0.0)

PLATFORMS
  ruby

DEPENDENCIES
  dotenv
  require_all

BUNDLED WITH
   1.17.2
